GEM
  remote: https://rubygems.org/
  specs:
    httparty (0.21.0)
      mini_mime (>= 1.0.0)
      multi_xml (>= 0.5.2)
    mini_mime (1.1.5)
    multi_xml (0.6.0)
    nokogiri (1.16.0-x86_64-darwin)
      racc (~> 1.4)
    racc (1.7.3)

PLATFORMS
  x86_64-darwin-19

DEPENDENCIES
  httparty
  nokogiri

BUNDLED WITH
   2.4.22
